GEM
  remote: https://rubygems.org/
  specs:
    daemons (1.4.1)
    eventmachine (1.2.7)
    foreman (0.78.0)
      thor (~> 0.19.1)
    rack (1.6.13)
    sinatra (1.1.0)
      rack (~> 1.1)
      tilt (~> 1.1)
    thin (1.8.2)
      daemons (~> 1.0, >= 1.0.9)
      eventmachine (~> 1.0, >= 1.0.4)
      rack (>= 1, < 3)
    thor (0.19.1)
    tilt (1.4.1)

PLATFORMS
  x86_64-linux

DEPENDENCIES
  foreman
  sinatra (= 1.1.0)
  thin

RUBY VERSION
   ruby 3.2.2p53

BUNDLED WITH
   2.4.10
